GEM
  remote: https://rubygems.org/
  specs:
    backports (3.3.3)
    coffee-script (2.2.0)
      coffee-script-source
      execjs
    coffee-script-source (1.6.3)
    daemons (1.1.9)
    dashing (1.2.0)
      coffee-script (>= 1.6.2)
      rack
      rufus-scheduler
      sass
      sinatra
      sinatra-contrib
      sprockets
      thin
      thor
    eventmachine (1.0.3)
    execjs (2.0.0)
    faraday (0.8.8)
      multipart-post (~> 1.2.0)
    hike (1.2.3)
    multi_json (1.7.9)
    multipart-post (1.2.0)
    rack (1.5.2)
    rack-protection (1.5.0)
      rack
    rack-test (0.6.2)
      rack (>= 1.0)
    rufus-scheduler (2.0.23)
      tzinfo (>= 0.3.23)
    sass (3.2.10)
    simple_oauth (0.2.0)
    sinatra (1.4.3)
      rack (~> 1.4)
      rack-protection (~> 1.4)
      tilt (~> 1.3, >= 1.3.4)
    sinatra-contrib (1.4.1)
      backports (>= 2.0)
      multi_json
      rack-protection
      rack-test
      sinatra (~> 1.4.0)
      tilt (~> 1.3)
    sprockets (2.10.0)
      hike (~> 1.2)
      multi_json (~> 1.0)
      rack (~> 1.0)
      tilt (~> 1.1, != 1.3.0)
    thin (1.5.1)
      daemons (>= 1.0.9)
      eventmachine (>= 0.12.6)
      rack (>= 1.0.0)
    thor (0.18.1)
    tilt (1.4.1)
    twitter (4.8.1)
      faraday (~> 0.8, < 0.10)
      multi_json (~> 1.0)
      simple_oauth (~> 0.2)
    tzinfo (1.0.1)

PLATFORMS
  ruby

DEPENDENCIES
  dashing
  twitter
